GEM
  remote: http://rubygems.org/
  specs:
    awesome_print (1.0.2)
    backports (2.8.2)
    citrus (2.4.1)
    diff-lcs (1.1.3)
    path (2.0.1)
    quickl (0.4.3)
    rack (1.5.2)
    rack-protection (1.5.0)
      rack
    rack-test (0.6.2)
      rack (>= 1.0)
    rake (0.9.6)
    rspec (2.10.0)
      rspec-core (~> 2.10.0)
      rspec-expectations (~> 2.10.0)
      rspec-mocks (~> 2.10.0)
    rspec-core (2.10.1)
    rspec-expectations (2.10.0)
      diff-lcs (~> 1.1.3)
    rspec-mocks (2.10.1)
    sinatra (1.4.2)
      rack (~> 1.5, >= 1.5.2)
      rack-protection (~> 1.4)
      tilt (~> 1.3, >= 1.3.4)
    temple (0.6.5)
    tilt (1.3.7)

PLATFORMS
  ruby

DEPENDENCIES
  awesome_print (~> 1.0.2)
  backports (~> 2.6)
  bundler (~> 1.0)
  citrus (~> 2.4.1)
  path (~> 2.0.1)
  quickl (~> 0.4.3)
  rack-test (~> 0.6)
  rake (~> 0.9.2)
  rspec (~> 2.10.0)
  sinatra (>= 1.4)
  temple (~> 0.6)
  tilt (~> 1.3)

BUNDLED WITH
   1.12.5
